GEM
  remote: https://rubygems.org/
  specs:
    json (1.5.5)
    minitest (2.5.1)
    pg (0.17.1)
    rack (1.5.2)
    rack-protection (1.5.2)
      rack
    sequel (4.7.0)
    sinatra (1.4.4)
      rack (~> 1.4)
      rack-protection (~> 1.4)
      tilt (~> 1.3, >= 1.3.4)
    tilt (1.4.1)

PLATFORMS
  ruby

DEPENDENCIES
  json
  minitest
  pg
  sequel
  sinatra
